GEM
  remote: http://rubygems.org/
  specs:
    awesome_print (1.6.1)

PLATFORMS
  ruby

DEPENDENCIES
  awesome_print
